GEM
  remote: https://rubygems.org/
  specs:
    rake (13.2.1)

PLATFORMS
  arm64-darwin-24
  ruby

DEPENDENCIES
  rake

BUNDLED WITH
   2.6.2
